GEM
  remote: http://rubygems.org/
  specs:
    actionmailer (4.0.0)
      actionpack (= 4.0.0)
      mail (~> 2.5.3)
    actionpack (4.0.0)
      activesupport (= 4.0.0)
      builder (~> 3.1.0)
      erubis (~> 2.7.0)
      rack (~> 1.5.2)
      rack-test (~> 0.6.2)
    activemodel (4.0.0)
      activesupport (= 4.0.0)
      builder (~> 3.1.0)
    activerecord (4.0.0)
      activemodel (= 4.0.0)
      activerecord-deprecated_finders (~> 1.0.2)
      activesupport (= 4.0.0)
      arel (~> 4.0.0)
    activerecord-deprecated_finders (1.0.4)
    activesupport (4.0.0)
      i18n (~> 0.6, >= 0.6.4)
      minitest (~> 4.2)
      multi_json (~> 1.3)
      thread_safe (~> 0.1)
      tzinfo (~> 0.3.37)
    arel (4.0.2)
    builder (3.1.4)
    coffee-rails (4.0.1)
      coffee-script (>= 2.2.0)
      railties (>= 4.0.0, < 5.0)
    coffee-script (2.4.1)
      coffee-script-source
      execjs
    coffee-script-source (1.12.2)
    concurrent-ruby (1.0.5)
    erubis (2.7.0)
    execjs (2.7.0)
    ffi (1.9.14-x86-mingw32)
    hike (1.2.3)
    i18n (0.9.1)
      concurrent-ruby (~> 1.0)
    jbuilder (1.5.3)
      activesupport (>= 3.0.0)
      multi_json (>= 1.2.0)
    jquery-rails (3.1.4)
      railties (>= 3.0, < 5.0)
      thor (>= 0.14, < 2.0)
    json (1.8.6)
    mail (2.5.5)
      mime-types (~> 1.16)
      treetop (~> 1.4.8)
    mime-types (1.25.1)
    minitest (4.7.5)
    multi_json (1.13.1)
    mysql2 (0.3.18-x86-mingw32)
    polyglot (0.3.5)
    protected_attributes (1.0.3)
      activemodel (>= 4.0.0, < 5.0)
    rack (1.5.5)
    rack-test (0.6.3)
      rack (>= 1.0)
    rails (4.0.0)
      actionmailer (= 4.0.0)
      actionpack (= 4.0.0)
      activerecord (= 4.0.0)
      activesupport (= 4.0.0)
      bundler (>= 1.3.0, < 2.0)
      railties (= 4.0.0)
      sprockets-rails (~> 2.0.0)
    railties (4.0.0)
      actionpack (= 4.0.0)
      activesupport (= 4.0.0)
      rake (>= 0.8.7)
      thor (>= 0.18.1, < 2.0)
    rake (11.3.0)
    rdoc (4.3.0)
    sass (3.4.25)
    sass-rails (5.0.7)
      railties (>= 4.0.0, < 6)
      sass (~> 3.1)
      sprockets (>= 2.8, < 4.0)
      sprockets-rails (>= 2.0, < 4.0)
      tilt (>= 1.1, < 3)
    sdoc (0.4.2)
      json (~> 1.7, >= 1.7.7)
      rdoc (~> 4.0)
    simple_form (3.1.1)
      actionpack (~> 4.0)
      activemodel (~> 4.0)
    sprockets (2.12.4)
      hike (~> 1.2)
      multi_json (~> 1.0)
      rack (~> 1.0)
      tilt (~> 1.1, != 1.3.0)
    sprockets-rails (2.0.1)
      actionpack (>= 3.0)
      activesupport (>= 3.0)
      sprockets (~> 2.8)
    thor (0.20.0)
    thread_safe (0.3.6)
    tilt (1.4.1)
    treetop (1.4.15)
      polyglot
      polyglot (>= 0.3.1)
    turbolinks (5.1.0)
      turbolinks-source (~> 5.1)
    turbolinks-source (5.1.0)
    tzinfo (0.3.53)
    uglifier (4.1.3)
      execjs (>= 0.3.0, < 3)
    will_paginate (3.1.6)
    will_paginate-bootstrap (1.0.1)
      will_paginate (>= 3.0.3)

PLATFORMS
  x86-mingw32

DEPENDENCIES
  coffee-rails (~> 4.0.0)
  ffi (= 1.9.14)
  jbuilder (~> 1.2)
  jquery-rails
  mysql2 (= 0.3.18)
  protected_attributes
  rails (= 4.0.0)
  rake (~> 11.3)
  sass (= 3.4.25)
  sass-rails (~> 5.0)
  sdoc
  simple_form (~> 3.1.1)
  turbolinks
  uglifier (>= 1.3.0)
  will_paginate
  will_paginate-bootstrap
